GEM
  remote: https://rubygems.org/
  specs:
    backports (2.8.2)
    coderay (1.0.8)
    daemons (1.1.9)
    diff-lcs (1.1.3)
    ethon (0.5.12)
      ffi (>= 1.3.0)
      mime-types (~> 1.18)
    eventmachine (1.0.0)
    ffi (1.8.1)
    json (1.8.0)
    method_source (0.8.1)
    mime-types (1.23)
    mixpanel_client (3.1.0)
      json (~> 1.6)
      typhoeus (~> 0.5.4)
    pry (0.9.11.4)
      coderay (~> 1.0.5)
      method_source (~> 0.8)
      slop (~> 3.4)
    rack (1.5.2)
    rack-protection (1.3.2)
      rack
    rack-test (0.6.2)
      rack (>= 1.0)
    rake (10.0.3)
    rspec (2.12.0)
      rspec-core (~> 2.12.0)
      rspec-expectations (~> 2.12.0)
      rspec-mocks (~> 2.12.0)
    rspec-core (2.12.2)
    rspec-expectations (2.12.1)
      diff-lcs (~> 1.1.3)
    rspec-mocks (2.12.2)
    sinatra (1.3.4)
      rack (~> 1.4)
      rack-protection (~> 1.3)
      tilt (~> 1.3, >= 1.3.3)
    sinatra-contrib (1.3.2)
      backports (>= 2.0)
      eventmachine
      rack-protection
      rack-test
      sinatra (~> 1.3.0)
      tilt (~> 1.3)
    slop (3.4.3)
    thin (1.5.0)
      daemons (>= 1.0.9)
      eventmachine (>= 0.12.6)
      rack (>= 1.0.0)
    tilt (1.3.3)
    typhoeus (0.5.4)
      ethon (~> 0.5.7)

PLATFORMS
  ruby

DEPENDENCIES
  mixpanel_client
  pry
  rake
  rspec
  sinatra
  sinatra-contrib
  thin
  typhoeus
